GEM
  remote: https://rubygems.org/
  specs:
    ansi (1.5.0)
    hashie (4.1.0)
    itamae (1.11.0)
      ansi
      hashie
      schash (~> 0.1.0)
      specinfra (>= 2.64.0, < 3.0.0)
      thor
    itamae-plugin-recipe-rbenv (0.8.6)
      itamae (~> 1.2)
    itamae-plugin-resource-aur_package (0.1.1)
      itamae
    net-scp (3.0.0)
      net-ssh (>= 2.6.5, < 7.0.0)
    net-ssh (6.1.0)
    net-telnet (0.1.1)
    rake (13.0.3)
    schash (0.1.2)
    sfl (2.3)
    specinfra (2.82.22)
      net-scp
      net-ssh (>= 2.7)
      net-telnet (= 0.1.1)
      sfl
    thor (1.0.1)

PLATFORMS
  ruby

DEPENDENCIES
  itamae
  itamae-plugin-recipe-rbenv
  itamae-plugin-resource-aur_package
  rake

BUNDLED WITH
   2.1.4
