GEM
  remote: https://rubygems.org/
  specs:
    ansi (1.5.0)
    hashie (4.0.0)
    itamae (1.10.6)
      ansi
      hashie
      schash (~> 0.1.0)
      specinfra (>= 2.64.0, < 3.0.0)
      thor
    itamae-plugin-recipe-rbenv (0.6.10)
      itamae (~> 1.2)
    itamae-plugin-resource-aur_package (0.1.0)
      itamae
    net-scp (2.0.0)
      net-ssh (>= 2.6.5, < 6.0.0)
    net-ssh (5.2.0)
    net-telnet (0.1.1)
    schash (0.1.2)
    sfl (2.3)
    specinfra (2.82.7)
      net-scp
      net-ssh (>= 2.7)
      net-telnet (= 0.1.1)
      sfl
    thor (1.0.1)

PLATFORMS
  ruby

DEPENDENCIES
  itamae
  itamae-plugin-recipe-rbenv
  itamae-plugin-resource-aur_package

BUNDLED WITH
   2.1.4
